GEM
  remote: https://rubygems.org/
  specs:
    concurrent-ruby (1.1.5)
    pg (1.1.4)

PLATFORMS
  ruby

DEPENDENCIES
  concurrent-ruby
  pg

BUNDLED WITH
   2.0.2
